GEM
  remote: http://rubygems.org/
  specs:
    pg (0.12.0)
      rake-compiler (~> 0.7)
    rack (1.3.5)
    rake (0.9.2.2)
    rake-compiler (0.7.9)
      rake
    rr (1.0.4)
    sequel (3.30.0)
    test-unit (2.4.3)
    test-unit-notify (0.3.0)
      test-unit (>= 2.1.2)
    test-unit-rr (1.0.1)
      rr (>= 1.0.2)
      test-unit (>= 2.1.2)

PLATFORMS
  ruby

DEPENDENCIES
  pg
  rack
  sequel
  test-unit
  test-unit-notify
  test-unit-rr
