GEM
  remote: http://rubygems.org/
  specs:
    pg (0.13.2)
    rack (1.4.1)
    rr (1.0.4)
    sequel (3.35.0)
    test-unit (2.4.8)
    test-unit-notify (0.3.0)
      test-unit (>= 2.1.2)
    test-unit-rr (1.0.1)
      rr (>= 1.0.2)
      test-unit (>= 2.1.2)

PLATFORMS
  ruby

DEPENDENCIES
  pg
  rack
  sequel
  test-unit
  test-unit-notify
  test-unit-rr
